NUGET
  remote: https://www.nuget.org/api/v2
    FParsec (1.1.1)
      FSharp.Core (>= 4.3.4) - restriction: || (>= net45) (>= netstandard2.0)
      System.ValueTuple (>= 4.4) - restriction: >= net45
    FSharp.Core (4.7.2)
    System.ValueTuple (4.5) - restriction: >= net45
